PATH
  remote: .
  specs:
    bureaucrat (0.11.6)
      activesupport (= 3.2.6)
      i18n (= 0.6.0)

GEM
  remote: http://rubygems.org/
  specs:
    activesupport (3.2.6)
      i18n (~> 0.6)
      multi_json (~> 1.0)
    i18n (0.6.0)
    multi_json (1.3.6)
    rake (0.9.2.2)

PLATFORMS
  ruby

DEPENDENCIES
  bureaucrat!
  rake (= 0.9.2.2)
